GIT
  remote: git://github.com/GBH/jade-rails.git
  revision: 12b2f5b34720a23bc6148f0a907df9018a1c2492
  specs:
    jade-rails (1.11.0.0)
      execjs
      tilt

GIT
  remote: git://github.com/fauxparse/guard-i18n-js.git
  revision: 4c99c24e55eda1b2eb795bb4e8485732a17fbc0e
  specs:
    guard-i18n-js (1.0.0)
      guard (~> 2.1)
      i18n-js (~> 3.0.0.rc3)

GIT
  remote: git://github.com/flori/amatch.git
  revision: 81db493aa8fa007b6d384e75960212ea1637412e
  specs:
    amatch (0.2.12)
      tins (~> 0.3)

GIT
  remote: git://github.com/morr/Ruby-SVD.git
  revision: 2775ee2f257fb3c95ef94e8d9cf56ea7686531e7
  specs:
    ruby-svd (0.5.4)

GIT
  remote: git://github.com/morr/acts_as_voteable.git
  revision: 9d2b34208f790779d898f13b5505b37f0a8e3aa8
  branch: master
  specs:
    acts_as_voteable (0.0.3)

GIT
  remote: git://github.com/morr/cancancan.git
  revision: 0b4918d400882348d02bec7bd032f2a2d201914a
  branch: master
  specs:
    cancancan (1.15.0)

GIT
  remote: git://github.com/morr/simple_form-magic_submit.git
  revision: 4664eceee4b5de020741ac77abf93e32aa2d400b
  specs:
    simple_form-magic_submit (1.2.0)
      i18n (~> 0.6)
      simple_form (>= 3.0.0.beta1)

GIT
  remote: git://github.com/morr/turbolinks.git
  revision: 14f4ee2215d32bdb8fcd51c49ae65ed3f46488eb
  branch: master
  specs:
    turbolinks (2.5.3)
      coffee-rails

GIT
  remote: git://github.com/myobie/htmldiff.git
  revision: c3b9112b34e9c37e805068ae3a6a42388666e67e
  specs:
    htmldiff (0.0.1)

GIT
  remote: git://github.com/rails-api/active_model_serializers.git
  revision: 8d31f7ee8c0ea3ed83ab871765f1444291278b41
  branch: 0-8-stable
  specs:
    active_model_serializers (0.8.3)
      activemodel (>= 3.0)

GIT
  remote: git://github.com/shikimori/mal_parser.git
  revision: d2b185210a3f2f7d15570709647937f95432f3d2
  specs:
    mal_parser (0.1.0)
      attr_extras
      nokogiri

GIT
  remote: git://github.com/watg/multi_fetch_fragments.git
  revision: 8cae7d8dc1c0b00b94419035854d90ba93ca8863
  specs:
    multi_fetch_fragments (0.0.17)

GEM
  remote: https://rubygems.org/
  remote: https://rails-assets.org/
  specs:
    actionmailer (4.2.7.1)
      actionpack (= 4.2.7.1)
      actionview (= 4.2.7.1)
      activejob (= 4.2.7.1)
      mail (~> 2.5, >= 2.5.4)
      rails-dom-testing (~> 1.0, >= 1.0.5)
    actionpack (4.2.7.1)
      actionview (= 4.2.7.1)
      activesupport (= 4.2.7.1)
      rack (~> 1.6)
      rack-test (~> 0.6.2)
      rails-dom-testing (~> 1.0, >= 1.0.5)
      rails-html-sanitizer (~> 1.0, >= 1.0.2)
    actionpack-action_caching (1.1.1)
      actionpack (>= 4.0.0, < 5.0)
    actionview (4.2.7.1)
      activesupport (= 4.2.7.1)
      builder (~> 3.1)
      erubis (~> 2.7.0)
      rails-dom-testing (~> 1.0, >= 1.0.5)
      rails-html-sanitizer (~> 1.0, >= 1.0.2)
    active_record_query_trace (1.5.3)
    activejob (4.2.7.1)
      activesupport (= 4.2.7.1)
      globalid (>= 0.3.0)
    activemodel (4.2.7.1)
      activesupport (= 4.2.7.1)
      builder (~> 3.1)
    activerecord (4.2.7.1)
      activemodel (= 4.2.7.1)
      activesupport (= 4.2.7.1)
      arel (~> 6.0)
    activerecord-collection_cache_key (0.1.2)
      activerecord (>= 3.0, < 5.0)
    activerecord-import (0.15.0)
      activerecord (>= 3.2)
    activesupport (4.2.7.1)
      i18n (~> 0.7)
      json (~> 1.7, >= 1.7.7)
      minitest (~> 5.1)
      thread_safe (~> 0.3, >= 0.3.4)
      tzinfo (~> 1.1)
    acts-as-taggable-on (4.0.0)
      activerecord (>= 4.0)
    addressable (2.4.0)
    airbrussh (1.1.1)
      sshkit (>= 1.6.1, != 1.7.0)
    apipie-rails (0.3.3)
      json
    appsignal (1.3.4)
      rack
      thread_safe
    arel (6.0.3)
    ast (2.3.0)
    attr_extras (5.1.0)
    attribute-defaults (0.7.0)
      activerecord (>= 4.0.0, < 5.0.0)
    awesome_print (1.7.0)
    axiom-types (0.1.1)
      descendants_tracker (~> 0.0.4)
      ice_nine (~> 0.11.0)
      thread_safe (~> 0.3, >= 0.3.1)
    bcrypt (3.1.11)
    better_errors (2.1.1)
      coderay (>= 1.0.0)
      erubis (>= 2.6.6)
      rack (>= 0.9.0)
    binding_of_caller (0.7.2)
      debug_inspector (>= 0.0.1)
    browser (1.1.0)
    builder (3.2.2)
    byebug (9.0.6)
    capistrano (3.6.1)
      airbrussh (>= 1.0.0)
      capistrano-harrow
      i18n
      rake (>= 10.0.0)
      sshkit (>= 1.9.0)
    capistrano-bundler (1.2.0)
      capistrano (~> 3.1)
      sshkit (~> 1.2)
    capistrano-harrow (0.5.3)
    capistrano-rails (1.2.0)
      capistrano (~> 3.1)
      capistrano-bundler (~> 1.1)
    capybara (2.10.1)
      addressable
      mime-types (>= 1.16)
      nokogiri (>= 1.3.3)
      rack (>= 1.0.0)
      rack-test (>= 0.5.4)
      xpath (~> 2.0)
    chainable_methods (0.2.1)
    chronic (0.10.2)
    chunky_png (1.3.7)
    climate_control (0.0.3)
      activesupport (>= 3.0)
    clockwork (2.0.0)
      activesupport
      tzinfo
    cocaine (0.5.8)
      climate_control (>= 0.0.3, < 1.0)
    coderay (1.1.1)
    coercible (1.0.0)
      descendants_tracker (~> 0.0.1)
    coffee-rails (4.2.1)
      coffee-script (>= 2.2.0)
      railties (>= 4.0.0, < 5.2.x)
    coffee-script (2.4.1)
      coffee-script-source
      execjs
    coffee-script-source (1.10.0)
    colorize (0.8.1)
    compass (1.0.3)
      chunky_png (~> 1.2)
      compass-core (~> 1.0.2)
      compass-import-once (~> 1.0.5)
      rb-fsevent (>= 0.9.3)
      rb-inotify (>= 0.9)
      sass (>= 3.3.13, < 3.5)
    compass-core (1.0.3)
      multi_json (~> 1.0)
      sass (>= 3.3.0, < 3.5)
    compass-import-once (1.0.5)
      sass (>= 3.2, < 3.5)
    compass-rails (3.0.2)
      compass (~> 1.0.0)
      sass-rails (< 5.1)
      sprockets (< 4.0)
    concurrent-ruby (1.0.2)
    connection_pool (2.2.0)
    cookiejar (0.3.3)
    crack (0.4.3)
      safe_yaml (~> 1.0.0)
    d3_rails (4.1.1)
      railties (>= 3.1.0)
    daemons (1.2.4)
    dalli (2.7.6)
    database_cleaner (1.5.3)
    debug_inspector (0.0.2)
    descendants_tracker (0.0.4)
      thread_safe (~> 0.3, >= 0.3.1)
    devise (3.5.10)
      bcrypt (~> 3.0)
      orm_adapter (~> 0.1)
      railties (>= 3.2.6, < 5)
      responders
      thread_safe (~> 0.1)
      warden (~> 1.2.3)
    devise-async (0.10.2)
      devise (>= 3.2, < 4.0)
    diff-lcs (1.2.5)
    draper (2.1.0)
      actionpack (>= 3.0)
      activemodel (>= 3.0)
      activesupport (>= 3.0)
      request_store (~> 1.0)
    draper-cancancan (1.1.1)
    dry-configurable (0.1.7)
      concurrent-ruby (~> 1.0)
    dry-container (0.5.0)
      concurrent-ruby (~> 1.0)
      dry-configurable (~> 0.1, >= 0.1.3)
    dry-core (0.1.0)
      concurrent-ruby (~> 1.0)
    dry-equalizer (0.2.0)
    dry-logic (0.4.0)
      dry-container (~> 0.2, >= 0.2.6)
      dry-core (~> 0.1)
      dry-equalizer (~> 0.2)
    dry-struct (0.1.0)
      dry-configurable (~> 0.1)
      dry-equalizer (~> 0.2)
      dry-types (~> 0.9, >= 0.9.0)
      ice_nine (~> 0.11)
    dry-types (0.9.0)
      concurrent-ruby (~> 1.0)
      dry-configurable (~> 0.1)
      dry-container (~> 0.3)
      dry-core (~> 0.1)
      dry-equalizer (~> 0.2)
      dry-logic (~> 0.4, >= 0.4.0)
      inflecto (~> 0.0.0, >= 0.0.2)
    em-hiredis (0.3.0)
      eventmachine (~> 1.0)
      hiredis (~> 0.5.0)
    em-http-request (1.1.2)
      addressable (>= 2.3.4)
      cookiejar
      em-socksify (>= 0.3)
      eventmachine (>= 1.0.3)
      http_parser.rb (>= 0.6.0)
    em-socksify (0.3.1)
      eventmachine (>= 1.0.0.beta.4)
    enumerize (2.0.1)
      activesupport (>= 3.2)
    equalizer (0.0.11)
    erubis (2.7.0)
    eventmachine (1.2.0.1)
    execjs (2.7.0)
    factory_girl (4.7.0)
      activesupport (>= 3.0.0)
    factory_girl-seeds (1.1.0)
      factory_girl
    factory_girl_rails (4.7.0)
      factory_girl (~> 4.7.0)
      railties (>= 3.0.0)
    faraday (0.9.2)
      multipart-post (>= 1.2, < 3)
    faraday_middleware (0.10.0)
      faraday (>= 0.7.4, < 0.10)
    faye (1.1.2)
      cookiejar (>= 0.3.0)
      em-http-request (>= 0.3.0)
      eventmachine (>= 0.12.0)
      faye-websocket (>= 0.9.1)
      multi_json (>= 1.0.0)
      rack (>= 1.0.0)
      websocket-driver (>= 0.5.1)
    faye-redis (0.2.0)
      em-hiredis (>= 0.2.0)
      eventmachine (>= 0.12.0)
      multi_json (>= 1.0.0)
    faye-websocket (0.10.0)
      eventmachine (>= 0.12.0)
      websocket-driver (>= 0.5.1)
    ffi (1.9.14)
    formatador (0.2.5)
    gcm (0.1.1)
      httparty
      json
    git-version-bump (0.15.1)
    globalid (0.3.7)
      activesupport (>= 4.1.0)
    guard (2.14.0)
      formatador (>= 0.2.4)
      listen (>= 2.7, < 4.0)
      lumberjack (~> 1.0)
      nenv (~> 0.1)
      notiffany (~> 0.0)
      pry (>= 0.9.12)
      shellany (~> 0.0)
      thor (>= 0.18.1)
    guard-bundler (2.1.0)
      bundler (~> 1.0)
      guard (~> 2.2)
      guard-compat (~> 1.1)
    guard-compat (1.2.1)
    guard-pow (2.0.0)
      guard (~> 2.0)
    guard-rspec (4.7.3)
      guard (~> 2.1)
      guard-compat (~> 1.1)
      rspec (>= 2.99.0, < 4.0)
    guard-rubocop (1.2.0)
      guard (~> 2.0)
      rubocop (~> 0.20)
    guard-spring (1.1.1)
      guard (~> 2.0)
      guard-compat (~> 1.1)
      spring
    hashdiff (0.3.0)
    hashie (3.4.4)
    hiredis (0.5.2)
    honeybadger (2.7.0)
    htmlentities (4.3.4)
    http_parser.rb (0.6.0)
    httparty (0.13.7)
      json (~> 1.8)
      multi_xml (>= 0.5.2)
    i18n (0.7.0)
    i18n-inflector (2.6.7)
      i18n (>= 0.4.1)
    i18n-inflector-rails (1.0.7)
      actionpack (>= 3.0.0)
      i18n-inflector (~> 2.6)
      railties (>= 3.0.0)
    i18n-js (3.0.0.rc14)
      i18n (~> 0.6, >= 0.6.6)
    icalendar (2.4.1)
    ice_nine (0.11.2)
    inflecto (0.0.2)
    jbuilder (2.6.0)
      activesupport (>= 3.0.0, < 5.1)
      multi_json (~> 1.2)
    json (1.8.3)
    jwt (1.5.4)
    kgio (2.10.0)
    launchy (2.4.3)
      addressable (~> 2.3)
    letter_opener (1.4.1)
      launchy (~> 2.2)
    listen (3.1.5)
      rb-fsevent (~> 0.9, >= 0.9.4)
      rb-inotify (~> 0.9, >= 0.9.7)
      ruby_dep (~> 1.2)
    lograge (0.4.1)
      actionpack (>= 4, < 5.1)
      activesupport (>= 4, < 5.1)
      railties (>= 4, < 5.1)
    loofah (2.0.3)
      nokogiri (>= 1.5.9)
    lumberjack (1.0.10)
    mactag (0.7.2)
    mail (2.6.4)
      mime-types (>= 1.16, < 4)
    marco-polo (1.2.1)
    meta-tags (2.3.1)
      actionpack (>= 3.2.0, <= 5.1.0)
    method_source (0.8.2)
    metrika (0.2.3)
      oauth2
      yajl-ruby
    mime-types (3.1)
      mime-types-data (~> 3.2015)
    mime-types-data (3.2016.0521)
    mimemagic (0.3.2)
    mini_portile2 (2.1.0)
    minitest (5.9.1)
    multi_json (1.12.1)
    multi_xml (0.5.5)
    multipart-post (2.0.0)
    nenv (0.3.0)
    net-scp (1.2.1)
      net-ssh (>= 2.6.5)
    net-ssh (3.2.0)
    newrelic_rpm (3.17.0.325)
    nokogiri (1.6.8.1)
      mini_portile2 (~> 2.1.0)
    non-stupid-digest-assets (1.0.8)
      sprockets (>= 2.0)
    notiffany (0.1.1)
      nenv (~> 0.1)
      shellany (~> 0.0)
    oauth (0.5.1)
    oauth2 (1.2.0)
      faraday (>= 0.8, < 0.10)
      jwt (~> 1.0)
      multi_json (~> 1.3)
      multi_xml (~> 0.5)
      rack (>= 1.2, < 3)
    omniauth (1.3.1)
      hashie (>= 1.2, < 4)
      rack (>= 1.0, < 3)
    omniauth-facebook (4.0.0)
      omniauth-oauth2 (~> 1.2)
    omniauth-oauth (1.1.0)
      oauth
      omniauth (~> 1.0)
    omniauth-oauth2 (1.4.0)
      oauth2 (~> 1.0)
      omniauth (~> 1.2)
    omniauth-twitter (1.2.1)
      json (~> 1.3)
      omniauth-oauth (~> 1.1)
    omniauth-vkontakte (1.3.7)
      omniauth-oauth2 (~> 1.1)
    open_uri_redirections (0.2.1)
    orm_adapter (0.5.0)
    paperclip (5.1.0)
      activemodel (>= 4.2.0)
      activesupport (>= 4.2.0)
      cocaine (~> 0.5.5)
      mime-types
      mimemagic (~> 0.3.0)
    parser (2.3.1.4)
      ast (~> 2.2)
    pg (0.19.0)
    pghero (1.6.2)
      activerecord
    powerpack (0.1.1)
    pry (0.10.4)
      coderay (~> 1.1.0)
      method_source (~> 0.8.1)
      slop (~> 3.4)
    pry-byebug (3.4.0)
      byebug (~> 9.0)
      pry (~> 0.10)
    pry-rails (0.3.4)
      pry (>= 0.9.10)
    pry-stack_explorer (0.4.9.2)
      binding_of_caller (>= 0.7)
      pry (>= 0.9.11)
    quiet_assets (1.1.0)
      railties (>= 3.1, < 5.0)
    rabl (0.13.1)
      activesupport (>= 2.3.14)
    rack (1.6.4)
    rack-attack (5.0.1)
      rack
    rack-contrib (1.4.0)
      git-version-bump (~> 0.15)
      rack (~> 1.4)
    rack-cors (0.4.0)
    rack-protection (1.5.3)
      rack
    rack-test (0.6.3)
      rack (>= 1.0)
    rack-utf8_sanitizer (1.3.2)
      rack (>= 1.0, < 3.0)
    rails (4.2.7.1)
      actionmailer (= 4.2.7.1)
      actionpack (= 4.2.7.1)
      actionview (= 4.2.7.1)
      activejob (= 4.2.7.1)
      activemodel (= 4.2.7.1)
      activerecord (= 4.2.7.1)
      activesupport (= 4.2.7.1)
      bundler (>= 1.3.0, < 2.0)
      railties (= 4.2.7.1)
      sprockets-rails
    rails-assets-desandro-matches-selector (2.0.1)
    rails-assets-ev-emitter (1.0.3)
    rails-assets-fizzy-ui-utils (2.0.2)
      rails-assets-desandro-matches-selector (~> 2.0.0)
    rails-assets-get-size (2.0.2)
    rails-assets-imagesloaded (4.1.1)
      rails-assets-ev-emitter (~> 1.0.0)
    rails-assets-jQuery-Storage-API (1.9.2)
      rails-assets-jquery (>= 1.4)
    rails-assets-jquery (2.2.4)
    rails-assets-jquery-bridget (2.0.0)
      rails-assets-jquery (>= 1.4.2, < 4)
    rails-assets-js-md5 (2.5.0)
    rails-assets-magnific-popup (1.1.0)
      rails-assets-jquery (>= 1.8.0)
    rails-assets-matches-selector (2.0.1)
    rails-assets-nouislider (9.0.0)
    rails-assets-outlayer (2.1.0)
      rails-assets-ev-emitter (>= 1.0.0, < 2)
      rails-assets-fizzy-ui-utils (>= 2.0.0, < 3)
      rails-assets-get-size (>= 2.0.2, < 3)
    rails-assets-packery (2.1.1)
      rails-assets-get-size (>= 2.0.2, < 3)
      rails-assets-outlayer (>= 2.0.0, < 3)
    rails-assets-pikaday (1.5.1)
    rails-assets-sugar (1.4.1)
    rails-assets-uevent (1.0.0)
    rails-assets-urijs (1.18.2)
    rails-deprecated_sanitizer (1.0.3)
      activesupport (>= 4.2.0.alpha)
    rails-dom-testing (1.0.7)
      activesupport (>= 4.2.0.beta, < 5.0)
      nokogiri (~> 1.6.0)
      rails-deprecated_sanitizer (>= 1.0.1)
    rails-html-sanitizer (1.0.3)
      loofah (~> 2.0)
    rails-i18n (4.0.9)
      i18n (~> 0.7)
      railties (~> 4.0)
    railties (4.2.7.1)
      actionpack (= 4.2.7.1)
      activesupport (= 4.2.7.1)
      rake (>= 0.8.7)
      thor (>= 0.18.1, < 2.0)
    rainbow (2.1.0)
    raindrops (0.17.0)
    rake (11.3.0)
    rb-fchange (0.0.6)
      ffi
    rb-fsevent (0.9.7)
    rb-inotify (0.9.7)
      ffi (>= 0.5.0)
    redis (3.3.1)
    redis-classy (2.3.0)
      redis-namespace (~> 1.0)
    redis-mutex (4.0.0)
      redis-classy (~> 2.0)
    redis-namespace (1.5.2)
      redis (~> 3.0, >= 3.0.4)
    request_store (1.3.1)
    responders (2.3.0)
      railties (>= 4.2.0, < 5.1)
    retryable (2.0.4)
    rmagick (2.16.0)
    rs_russian (0.9.5)
      activesupport (>= 3.0.0, < 5.1.0)
      i18n (>= 0.6.0, < 0.8.0)
      unicode (~> 0.4.4)
    rspec (3.5.0)
      rspec-core (~> 3.5.0)
      rspec-expectations (~> 3.5.0)
      rspec-mocks (~> 3.5.0)
    rspec-collection_matchers (1.1.2)
      rspec-expectations (>= 2.99.0.beta1)
    rspec-core (3.5.3)
      rspec-support (~> 3.5.0)
    rspec-expectations (3.5.0)
      diff-lcs (>= 1.2.0, < 2.0)
      rspec-support (~> 3.5.0)
    rspec-its (1.2.0)
      rspec-core (>= 3.0.0)
      rspec-expectations (>= 3.0.0)
    rspec-mocks (3.5.0)
      diff-lcs (>= 1.2.0, < 2.0)
      rspec-support (~> 3.5.0)
    rspec-rails (3.5.2)
      actionpack (>= 3.0)
      activesupport (>= 3.0)
      railties (>= 3.0)
      rspec-core (~> 3.5.0)
      rspec-expectations (~> 3.5.0)
      rspec-mocks (~> 3.5.0)
      rspec-support (~> 3.5.0)
    rspec-support (3.5.0)
    rubocop (0.44.1)
      parser (>= 2.3.1.1, < 3.0)
      powerpack (~> 0.1)
      rainbow (>= 1.99.1, < 3.0)
      ruby-progressbar (~> 1.7)
      unicode-display_width (~> 1.0, >= 1.0.1)
    ruby-progressbar (1.8.1)
    ruby_dep (1.4.0)
    rvm1-capistrano3 (1.4.0)
      capistrano (~> 3.0)
      sshkit (>= 1.2)
    safe_yaml (1.0.4)
    sass (3.4.22)
    sass-rails (5.0.6)
      railties (>= 4.0.0, < 6)
      sass (~> 3.1)
      sprockets (>= 2.8, < 4.0)
      sprockets-rails (>= 2.0, < 4.0)
      tilt (>= 1.1, < 3)
    shellany (0.0.1)
    shoulda-matchers (3.1.1)
      activesupport (>= 4.0.0)
    sidekiq (4.2.3)
      concurrent-ruby (~> 1.0)
      connection_pool (~> 2.2, >= 2.2.0)
      rack-protection (>= 1.5.0)
      redis (~> 3.2, >= 3.2.1)
    sidekiq-limit_fetch (3.4.0)
      sidekiq (>= 4)
    sidekiq-unique-jobs (4.0.18)
      sidekiq (>= 2.6)
      thor
    simple_form (3.3.1)
      actionpack (> 4, < 5.1)
      activemodel (> 4, < 5.1)
    slim (3.0.7)
      temple (~> 0.7.6)
      tilt (>= 1.3.3, < 2.1)
    slim-rails (3.1.1)
      actionpack (>= 3.1)
      railties (>= 3.1)
      slim (~> 3.0)
    slop (3.6.0)
    spring (2.0.0)
      activesupport (>= 4.2)
    spring-commands-rspec (1.0.4)
      spring (>= 0.9.1)
    sprockets (3.7.0)
      concurrent-ruby (~> 1.0)
      rack (> 1, < 3)
    sprockets-rails (3.2.0)
      actionpack (>= 4.0)
      activesupport (>= 4.0)
      sprockets (>= 3.0.0)
    sshkit (1.11.4)
      net-scp (>= 1.1.2)
      net-ssh (>= 2.8.0)
    state_machine (1.2.0)
    temple (0.7.7)
    thin (1.7.0)
      daemons (~> 1.0, >= 1.0.9)
      eventmachine (~> 1.0, >= 1.0.4)
      rack (>= 1, < 3)
    thor (0.19.1)
    thread_safe (0.3.5)
    tilt (2.0.5)
    timecop (0.8.1)
    tins (0.13.2)
    truncate_html (0.9.3)
    tzinfo (1.2.2)
      thread_safe (~> 0.1)
    uglifier (3.0.3)
      execjs (>= 0.3.0, < 3)
    unicode (0.4.4.2)
    unicode-display_width (1.1.1)
    unicorn (5.1.0)
      kgio (~> 2.6)
      raindrops (~> 0.7)
    vcr (3.0.3)
    virtus (1.0.5)
      axiom-types (~> 0.1)
      coercible (~> 1.0)
      descendants_tracker (~> 0.0, >= 0.0.3)
      equalizer (~> 0.0, >= 0.0.9)
    warden (1.2.6)
      rack (>= 1.0)
    webmock (2.1.0)
      addressable (>= 2.3.6)
      crack (>= 0.3.2)
      hashdiff
    websocket-driver (0.6.4)
      websocket-extensions (>= 0.1.0)
    websocket-extensions (0.1.2)
    whenever (0.9.7)
      chronic (>= 0.6.3)
    xpath (2.0.0)
      nokogiri (~> 1.3)
    xxhash (0.3.0)
    yajl-ruby (1.2.1)
    zaru (0.1.0)

PLATFORMS
  ruby

DEPENDENCIES
  actionpack-action_caching
  active_model_serializers!
  active_record_query_trace
  activerecord-collection_cache_key
  activerecord-import
  acts-as-taggable-on
  acts_as_voteable!
  airbrussh
  amatch!
  apipie-rails (= 0.3.3)
  appsignal
  attr_extras
  attribute-defaults
  awesome_print
  better_errors
  binding_of_caller
  browser
  byebug
  cancancan!
  capistrano
  capistrano-bundler
  capistrano-rails
  capybara
  chainable_methods
  clockwork
  coffee-rails
  colorize
  compass-rails
  d3_rails
  dalli
  database_cleaner
  devise
  devise-async
  draper
  draper-cancancan
  dry-struct
  enumerize
  factory_girl-seeds
  factory_girl_rails
  faraday
  faraday_middleware
  faye
  faye-redis
  faye-websocket (= 0.10.0)
  gcm
  guard
  guard-bundler
  guard-i18n-js!
  guard-pow
  guard-rspec
  guard-rubocop
  guard-spring
  honeybadger
  htmldiff!
  htmlentities
  i18n-inflector-rails
  i18n-js (= 3.0.0.rc14)
  icalendar
  jade-rails!
  jbuilder
  letter_opener
  lograge
  mactag
  mal_parser!
  marco-polo
  meta-tags
  metrika
  multi_fetch_fragments!
  newrelic_rpm
  nokogiri
  non-stupid-digest-assets
  omniauth
  omniauth-facebook
  omniauth-twitter
  omniauth-vkontakte
  open_uri_redirections
  paperclip (= 5.1.0)
  pg
  pghero
  pry-byebug
  pry-rails
  pry-stack_explorer
  quiet_assets
  rabl
  rack-attack
  rack-contrib
  rack-cors
  rack-utf8_sanitizer
  rails (= 4.2.7.1)
  rails-assets-fizzy-ui-utils (= 2.0.2)!
  rails-assets-get-size (= 2.0.2)!
  rails-assets-imagesloaded!
  rails-assets-jQuery-Storage-API!
  rails-assets-jquery (= 2.2.4)!
  rails-assets-jquery-bridget (= 2.0.0)!
  rails-assets-js-md5!
  rails-assets-magnific-popup!
  rails-assets-matches-selector (= 2.0.1)!
  rails-assets-nouislider!
  rails-assets-outlayer (= 2.1.0)!
  rails-assets-packery!
  rails-assets-pikaday!
  rails-assets-sugar!
  rails-assets-uevent!
  rails-assets-urijs!
  rails-i18n
  rake
  rb-fchange
  rb-fsevent
  rb-inotify
  redis
  redis-mutex
  redis-namespace
  responders
  retryable
  rmagick
  rs_russian
  rspec
  rspec-collection_matchers
  rspec-core
  rspec-expectations
  rspec-its
  rspec-mocks
  rspec-rails
  ruby-svd!
  rvm1-capistrano3
  sass-rails
  shoulda-matchers
  sidekiq
  sidekiq-limit_fetch
  sidekiq-unique-jobs
  simple_form
  simple_form-magic_submit!
  slim-rails
  spring
  spring-commands-rspec
  state_machine
  thin
  timecop
  truncate_html
  turbolinks!
  uglifier
  unicode
  unicorn
  vcr
  virtus
  webmock
  whenever
  xxhash
  zaru

BUNDLED WITH
   1.13.6
